GIT
  remote: https://github.com/activerecord-hackery/ransack.git
  revision: 8f7d6e9b9f24a7cf93f731b1d7b5bb4f7363d82d
  specs:
    ransack (1.8.3)
      actionpack (>= 3.0)
      activerecord (>= 3.0)
      activesupport (>= 3.0)
      i18n
      polyamorous (~> 1.3)

GEM
  remote: https://rubygems.org/
  specs:
    aasm (4.12.2)
      concurrent-ruby (~> 1.0)
    actioncable (5.1.4)
      actionpack (= 5.1.4)
      nio4r (~> 2.0)
      websocket-driver (~> 0.6.1)
    actionmailer (5.1.4)
      actionpack (= 5.1.4)
      actionview (= 5.1.4)
      activejob (= 5.1.4)
      mail (~> 2.5, >= 2.5.4)
      rails-dom-testing (~> 2.0)
    actionpack (5.1.4)
      actionview (= 5.1.4)
      activesupport (= 5.1.4)
      rack (~> 2.0)
      rack-test (>= 0.6.3)
      rails-dom-testing (~> 2.0)
      rails-html-sanitizer (~> 1.0, >= 1.0.2)
    actionview (5.1.4)
      activesupport (= 5.1.4)
      builder (~> 3.1)
      erubi (~> 1.4)
      rails-dom-testing (~> 2.0)
      rails-html-sanitizer (~> 1.0, >= 1.0.3)
    activejob (5.1.4)
      activesupport (= 5.1.4)
      globalid (>= 0.3.6)
    activemodel (5.1.4)
      activesupport (= 5.1.4)
    activerecord (5.1.4)
      activemodel (= 5.1.4)
      activesupport (= 5.1.4)
      arel (~> 8.0)
    activesupport (5.1.4)
      concurrent-ruby (~> 1.0, >= 1.0.2)
      i18n (~> 0.7)
      minitest (~> 5.1)
      tzinfo (~> 1.1)
    addressable (2.4.0)
    annotate (2.7.2)
      activerecord (>= 3.2, < 6.0)
      rake (>= 10.4, < 13.0)
    arel (8.0.0)
    autoprefixer-rails (7.1.6)
      execjs
    awesome_print (1.8.0)
    bcrypt (3.1.11)
    better_errors (2.3.0)
      coderay (>= 1.0.0)
      erubi (>= 1.0.0)
      rack (>= 0.9.0)
    bindex (0.5.0)
    bootstrap-sass (3.3.7)
      autoprefixer-rails (>= 5.2.1)
      sass (>= 3.3.4)
    bootstrap-will_paginate (1.0.0)
      will_paginate
    bootswatch-rails (3.3.5)
      railties (>= 3.1)
    builder (3.2.3)
    bullet (5.6.1)
      activesupport (>= 3.0.0)
      uniform_notifier (~> 1.10.0)
    capistrano (3.3.5)
      capistrano-stats (~> 1.1.0)
      i18n
      rake (>= 10.0.0)
      sshkit (~> 1.3)
    capistrano-bundler (1.3.0)
      capistrano (~> 3.1)
      sshkit (~> 1.2)
    capistrano-figaro-yml (1.0.5)
      capistrano (~> 3.1)
      sshkit (~> 1.2, >= 1.2.0)
    capistrano-rails (1.3.0)
      capistrano (~> 3.1)
      capistrano-bundler (~> 1.1)
    capistrano-rails-console (1.0.2)
      capistrano (>= 3.1.0, < 4.0.0)
    capistrano-rbenv (2.1.2)
      capistrano (~> 3.1)
      sshkit (~> 1.3)
    capistrano-sidekiq (0.10.0)
      capistrano
      sidekiq (>= 3.4)
    capistrano-stats (1.1.1)
    capistrano3-puma (1.2.1)
      capistrano (~> 3.0)
      puma (>= 2.6)
    capybara (2.15.3)
      addressable
      mini_mime (>= 0.1.3)
      nokogiri (>= 1.3.3)
      rack (>= 1.0.0)
      rack-test (>= 0.5.4)
      xpath (~> 2.0)
    capybara-screenshot (1.0.17)
      capybara (>= 1.0, < 3)
      launchy
    cliver (0.3.2)
    coderay (1.1.2)
    concurrent-ruby (1.0.5)
    connection_pool (2.2.1)
    crass (1.0.2)
    database_cleaner (1.6.1)
    descendants_tracker (0.0.4)
      thread_safe (~> 0.3, >= 0.3.1)
    devise (4.3.0)
      bcrypt (~> 3.0)
      orm_adapter (~> 0.1)
      railties (>= 4.1.0, < 5.2)
      responders
      warden (~> 1.2.3)
    diff-lcs (1.3)
    domain_name (0.5.20170404)
      unf (>= 0.0.5, < 1.0.0)
    dotenv (0.7.0)
    erubi (1.6.1)
    et-orbi (1.0.6)
      tzinfo
    execjs (2.7.0)
    factory_girl (4.8.1)
      activesupport (>= 3.0.0)
    factory_girl_rails (4.8.0)
      factory_girl (~> 4.8.0)
      railties (>= 3.0.0)
    faker (1.8.4)
      i18n (~> 0.5)
    faraday (0.9.2)
      multipart-post (>= 1.2, < 3)
    ffi (1.9.18)
    figaro (1.1.1)
      thor (~> 0.14)
    font-awesome-rails (4.7.0.2)
      railties (>= 3.2, < 5.2)
    foreman (0.64.0)
      dotenv (~> 0.7.0)
      thor (>= 0.13.6)
    formatador (0.2.5)
    github_api (0.14.5)
      addressable (~> 2.4.0)
      descendants_tracker (~> 0.0.4)
      faraday (~> 0.8, < 0.10)
      hashie (>= 3.4)
      oauth2 (~> 1.0)
    globalid (0.4.0)
      activesupport (>= 4.2.0)
    guard (2.14.1)
      formatador (>= 0.2.4)
      listen (>= 2.7, < 4.0)
      lumberjack (~> 1.0)
      nenv (~> 0.1)
      notiffany (~> 0.0)
      pry (>= 0.9.12)
      shellany (~> 0.0)
      thor (>= 0.18.1)
    guard-bundler (2.1.0)
      bundler (~> 1.0)
      guard (~> 2.2)
      guard-compat (~> 1.1)
    guard-compat (1.2.1)
    guard-rails (0.8.1)
      guard (~> 2.11)
      guard-compat (~> 1.0)
    guard-rspec (4.7.3)
      guard (~> 2.1)
      guard-compat (~> 1.1)
      rspec (>= 2.99.0, < 4.0)
    hashie (3.5.6)
    http-cookie (1.0.3)
      domain_name (~> 0.5)
    i18n (0.8.6)
    jquery-rails (4.3.1)
      rails-dom-testing (>= 1, < 3)
      railties (>= 4.2.0)
      thor (>= 0.14, < 2.0)
    jwt (1.5.6)
    launchy (2.4.3)
      addressable (~> 2.3)
    listen (3.1.5)
      rb-fsevent (~> 0.9, >= 0.9.4)
      rb-inotify (~> 0.9, >= 0.9.7)
      ruby_dep (~> 1.2)
    loofah (2.1.1)
      crass (~> 1.0.2)
      nokogiri (>= 1.5.9)
    lumberjack (1.0.12)
    mail (2.6.6)
      mime-types (>= 1.16, < 4)
    method_source (0.9.0)
    mime-types (3.1)
      mime-types-data (~> 3.2015)
    mime-types-data (3.2016.0521)
    mini_mime (0.1.4)
    mini_portile2 (2.3.0)
    minitest (5.10.3)
    multi_json (1.12.2)
    multi_xml (0.6.0)
    multipart-post (2.0.0)
    nenv (0.3.0)
    net-scp (1.2.1)
      net-ssh (>= 2.6.5)
    net-ssh (4.2.0)
    netrc (0.11.0)
    nio4r (2.1.0)
    nokogiri (1.8.1)
      mini_portile2 (~> 2.3.0)
    notiffany (0.1.1)
      nenv (~> 0.1)
      shellany (~> 0.0)
    oauth2 (1.4.0)
      faraday (>= 0.8, < 0.13)
      jwt (~> 1.0)
      multi_json (~> 1.3)
      multi_xml (~> 0.5)
      rack (>= 1.2, < 3)
    orm_adapter (0.5.0)
    pg (0.21.0)
    phantomjs (2.1.1.0)
    poltergeist (1.16.0)
      capybara (~> 2.1)
      cliver (~> 0.3.1)
      websocket-driver (>= 0.2.0)
    polyamorous (1.3.1)
      activerecord (>= 3.0)
    pry (0.11.1)
      coderay (~> 1.1.0)
      method_source (~> 0.9.0)
    puma (3.10.0)
    pundit (1.1.0)
      activesupport (>= 3.0.0)
    rack (2.0.3)
    rack-protection (2.0.0)
      rack
    rack-proxy (0.6.2)
      rack
    rack-test (0.7.0)
      rack (>= 1.0, < 3)
    rails (5.1.4)
      actioncable (= 5.1.4)
      actionmailer (= 5.1.4)
      actionpack (= 5.1.4)
      actionview (= 5.1.4)
      activejob (= 5.1.4)
      activemodel (= 5.1.4)
      activerecord (= 5.1.4)
      activesupport (= 5.1.4)
      bundler (>= 1.3.0)
      railties (= 5.1.4)
      sprockets-rails (>= 2.0.0)
    rails-dom-testing (2.0.3)
      activesupport (>= 4.2.0)
      nokogiri (>= 1.6)
    rails-html-sanitizer (1.0.3)
      loofah (~> 2.0)
    railties (5.1.4)
      actionpack (= 5.1.4)
      activesupport (= 5.1.4)
      method_source
      rake (>= 0.8.7)
      thor (>= 0.18.1, < 2.0)
    rainbow (2.2.2)
      rake
    rake (12.1.0)
    rb-fsevent (0.10.2)
    rb-inotify (0.9.10)
      ffi (>= 0.5.0, < 2)
    react_on_rails (9.0.3)
      addressable
      connection_pool
      execjs (~> 2.5)
      rails (>= 3.2)
      rainbow (~> 2.2)
    redcarpet (3.4.0)
    redis (4.0.1)
    redis-namespace (1.6.0)
      redis (>= 3.0.4)
    responders (2.4.0)
      actionpack (>= 4.2.0, < 5.3)
      railties (>= 4.2.0, < 5.3)
    rest-client (2.0.2)
      http-cookie (>= 1.0.2, < 2.0)
      mime-types (>= 1.16, < 4.0)
      netrc (~> 0.8)
    rolify (5.1.0)
    rollbar (2.15.4)
      multi_json
    rspec (3.6.0)
      rspec-core (~> 3.6.0)
      rspec-expectations (~> 3.6.0)
      rspec-mocks (~> 3.6.0)
    rspec-core (3.6.0)
      rspec-support (~> 3.6.0)
    rspec-expectations (3.6.0)
      diff-lcs (>= 1.2.0, < 2.0)
      rspec-support (~> 3.6.0)
    rspec-mocks (3.6.0)
      diff-lcs (>= 1.2.0, < 2.0)
      rspec-support (~> 3.6.0)
    rspec-rails (3.6.1)
      actionpack (>= 3.0)
      activesupport (>= 3.0)
      railties (>= 3.0)
      rspec-core (~> 3.6.0)
      rspec-expectations (~> 3.6.0)
      rspec-mocks (~> 3.6.0)
      rspec-support (~> 3.6.0)
    rspec-support (3.6.0)
    ruby_dep (1.5.0)
    rufus-scheduler (3.4.2)
      et-orbi (~> 1.0)
    sass (3.5.3)
      sass-listen (~> 4.0.0)
    sass-listen (4.0.0)
      rb-fsevent (~> 0.9, >= 0.9.4)
      rb-inotify (~> 0.9, >= 0.9.7)
    sass-rails (5.0.6)
      railties (>= 4.0.0, < 6)
      sass (~> 3.1)
      sprockets (>= 2.8, < 4.0)
      sprockets-rails (>= 2.0, < 4.0)
      tilt (>= 1.1, < 3)
    shellany (0.0.1)
    shoulda-matchers (3.1.2)
      activesupport (>= 4.0.0)
    sidekiq (5.0.5)
      concurrent-ruby (~> 1.0)
      connection_pool (~> 2.2, >= 2.2.0)
      rack-protection (>= 1.5.0)
      redis (>= 3.3.4, < 5)
    sidekiq-cron (0.6.3)
      rufus-scheduler (>= 3.3.0)
      sidekiq (>= 4.2.1)
    sidekiq-throttled (0.7.3)
      sidekiq
    simple_form (3.5.0)
      actionpack (> 4, < 5.2)
      activemodel (> 4, < 5.2)
    spring (2.0.2)
      activesupport (>= 4.2)
    spring-commands-rspec (1.0.4)
      spring (>= 0.9.1)
    spring-watcher-listen (2.0.1)
      listen (>= 2.7, < 4.0)
      spring (>= 1.2, < 3.0)
    sprockets (3.7.1)
      concurrent-ruby (~> 1.0)
      rack (> 1, < 3)
    sprockets-rails (3.2.1)
      actionpack (>= 4.0)
      activesupport (>= 4.0)
      sprockets (>= 3.0.0)
    sshkit (1.14.0)
      net-scp (>= 1.1.2)
      net-ssh (>= 2.8.0)
    tether-rails (1.4.0)
      rails (>= 3.1)
    thor (0.20.0)
    thread_safe (0.3.6)
    tilt (2.0.8)
    tzinfo (1.2.3)
      thread_safe (~> 0.1)
    uglifier (3.2.0)
      execjs (>= 0.3.0, < 3)
    unf (0.1.4)
      unf_ext
    unf_ext (0.0.7.4)
    uniform_notifier (1.10.0)
    warden (1.2.7)
      rack (>= 1.0)
    web-console (3.5.1)
      actionview (>= 5.0)
      activemodel (>= 5.0)
      bindex (>= 0.4.0)
      railties (>= 5.0)
    webpacker (3.0.2)
      activesupport (>= 4.2)
      rack-proxy (>= 0.6.1)
      railties (>= 4.2)
    websocket-driver (0.6.5)
      websocket-extensions (>= 0.1.0)
    websocket-extensions (0.1.2)
    will_paginate (3.1.6)
    will_paginate-bootstrap (1.0.1)
      will_paginate (>= 3.0.3)
    xpath (2.1.0)
      nokogiri (~> 1.3)

PLATFORMS
  ruby

DEPENDENCIES
  aasm
  annotate
  awesome_print
  better_errors
  bootstrap-sass (~> 3.3.6)
  bootstrap-will_paginate
  bootswatch-rails
  bullet
  capistrano (= 3.3.5)
  capistrano-bundler
  capistrano-figaro-yml
  capistrano-rails
  capistrano-rails-console
  capistrano-rbenv
  capistrano-sidekiq
  capistrano3-puma
  capybara
  capybara-screenshot
  database_cleaner
  devise
  factory_girl_rails
  faker
  figaro
  font-awesome-rails
  foreman
  github_api
  guard-bundler
  guard-rails
  guard-rspec
  jquery-rails
  listen (>= 3.0.5, < 3.2)
  nokogiri
  pg
  phantomjs
  poltergeist
  pry
  puma
  pundit
  rails (~> 5.1.1)
  ransack!
  react_on_rails
  redcarpet
  redis-namespace
  rest-client
  rolify
  rollbar
  rspec-rails
  sass-rails (>= 3.2)
  shoulda-matchers
  sidekiq
  sidekiq-cron
  sidekiq-throttled
  simple_form
  spring
  spring-commands-rspec
  spring-watcher-listen (~> 2.0.0)
  tether-rails
  tzinfo-data
  uglifier (>= 1.3.0)
  web-console (>= 3.3.0)
  webpacker (~> 3.0)
  will_paginate
  will_paginate-bootstrap

BUNDLED WITH
   1.16.0.pre.3
